GIT
  remote: git://github.com/thoughtbot/bitters.git
  revision: df57cc9fe4609cb7fd607154aaa49983d4005609
  specs:
    bitters (1.4.0)
      bourbon (>= 5.0.0.beta.6)
      sass (~> 3.4)
      thor (~> 0.19)

GIT
  remote: git://github.com/thoughtbot/bourbon.git
  revision: 7a5531088e1649e2b5fb225d749f899b62a78107
  specs:
    bourbon (5.0.0.beta.6)
      sass (~> 3.4.22)
      thor (~> 0.19.1)

GIT
  remote: git://github.com/thoughtbot/neat.git
  revision: 0bd8027f7f29aa19e17df1205fa8f5cba1ab68a3
  specs:
    neat (1.8.0)
      sass (>= 3.3)
      thor (~> 0.19)

GEM
  remote: https://rubygems.org/
  specs:
    colorator (1.1.0)
    ffi (1.9.14)
    forwardable-extended (2.6.0)
    jekyll (3.2.1)
      colorator (~> 1.0)
      jekyll-sass-converter (~> 1.0)
      jekyll-watch (~> 1.1)
      kramdown (~> 1.3)
      liquid (~> 3.0)
      mercenary (~> 0.3.3)
      pathutil (~> 0.9)
      rouge (~> 1.7)
      safe_yaml (~> 1.0)
    jekyll-sass-converter (1.4.0)
      sass (~> 3.4)
    jekyll-watch (1.5.0)
      listen (~> 3.0, < 3.1)
    kramdown (1.12.0)
    liquid (3.0.6)
    listen (3.0.8)
      rb-fsevent (~> 0.9, >= 0.9.4)
      rb-inotify (~> 0.9, >= 0.9.7)
    mercenary (0.3.6)
    minima (1.2.0)
    pathutil (0.14.0)
      forwardable-extended (~> 2.6)
    rb-fsevent (0.9.7)
    rb-inotify (0.9.7)
      ffi (>= 0.5.0)
    redcarpet (3.3.4)
    rouge (1.11.1)
    safe_yaml (1.0.4)
    sass (3.4.22)
    thor (0.19.1)

PLATFORMS
  ruby

DEPENDENCIES
  bitters!
  bourbon!
  jekyll (= 3.2.1)
  minima
  neat!
  redcarpet
  rouge

RUBY VERSION
   ruby 2.3.0p0

BUNDLED WITH
   1.13.1
